PATH
  remote: .
  specs:
    loremipsumwordsource (0.0.1)

GEM
  remote: https://rubygems.org/
  specs:
    awesome_print (1.1.0)
    cane (2.4.0)
      parallel
    coderay (1.0.8)
    diff-lcs (1.1.3)
    method_source (0.8.1)
    parallel (0.5.19)
    pry (0.9.10)
      coderay (~> 1.0.5)
      method_source (~> 0.8)
      slop (~> 3.3.1)
    rake (0.9.2.2)
    redcarpet (2.2.2)
    rspec (2.11.0)
      rspec-core (~> 2.11.0)
      rspec-expectations (~> 2.11.0)
      rspec-mocks (~> 2.11.0)
    rspec-core (2.11.1)
    rspec-expectations (2.11.3)
      diff-lcs (~> 1.1.3)
    rspec-mocks (2.11.3)
    rspec-nc (0.0.4)
      rspec (~> 2.9)
      terminal-notifier (~> 1.4.2)
    rspec-smart-formatter (0.0.4)
      rspec-core (~> 2.0)
    slop (3.3.3)
    terminal-notifier (1.4.2)
    yard (0.8.3)

PLATFORMS
  ruby

DEPENDENCIES
  awesome_print
  cane
  loremipsumwordsource!
  pry
  rake
  redcarpet
  rspec
  rspec-nc
  rspec-smart-formatter
  yard
